GEM
  remote: https://rubygems.org/
  specs:
    activemodel (3.2.16)
      activesupport (= 3.2.16)
      builder (~> 3.0.0)
    activesupport (3.2.16)
      i18n (~> 0.6, >= 0.6.4)
      multi_json (~> 1.0)
    args_parser (0.2.0)
    bson (1.9.2)
    bson_ext (1.9.2)
      bson (~> 1.9.2)
    builder (3.0.4)
    diff-lcs (1.2.5)
    event_emitter (0.2.5)
    gyazz (1.0.2)
      httparty
      json
    httparty (0.12.0)
      json (~> 1.8)
      multi_xml (>= 0.5.2)
    i18n (0.6.9)
    json (1.8.1)
    mongo (1.9.2)
      bson (~> 1.9.2)
    mongoid (2.8.1)
      activemodel (~> 3.1)
      mongo (~> 1.9)
      tzinfo (~> 0.3.22)
    multi_json (1.8.2)
    multi_xml (0.5.5)
    skype (0.2.7)
      tmp_cache
    tmp_cache (0.1.1)
    tzinfo (0.3.38)

PLATFORMS
  ruby

DEPENDENCIES
  args_parser
  bson_ext (>= 1.6.0)
  diff-lcs
  event_emitter
  gyazz
  mongoid (>= 2.4.0, < 3.0.0)
  skype
