GEM
  remote: https://rubygems.org/
  specs:
    activemodel (3.2.12)
      activesupport (= 3.2.12)
      builder (~> 3.0.0)
    activesupport (3.2.12)
      i18n (~> 0.6)
      multi_json (~> 1.0)
    args_parser (0.1.4)
    bson (1.8.2)
    bson_ext (1.8.2)
      bson (~> 1.8.2)
    builder (3.0.4)
    diff-lcs (1.2.1)
    event_emitter (0.2.2)
    gyazz (0.0.6)
    i18n (0.6.3)
    mongo (1.8.2)
      bson (~> 1.8.2)
    mongoid (2.6.0)
      activemodel (~> 3.1)
      mongo (~> 1.7)
      tzinfo (~> 0.3.22)
    multi_json (1.6.1)
    rb-appscript (0.6.1)
    rb-skypemac (0.3.2)
      rb-appscript (>= 0.3.0)
    tzinfo (0.3.35)

PLATFORMS
  ruby

DEPENDENCIES
  args_parser
  bson_ext (>= 1.6.0)
  diff-lcs
  event_emitter
  gyazz
  mongoid (>= 2.4.0, < 3.0.0)
  rb-skypemac
