GEM
  remote: https://rubygems.org/
  specs:
    activemodel (3.2.13)
      activesupport (= 3.2.13)
      builder (~> 3.0.0)
    activesupport (3.2.13)
      i18n (= 0.6.1)
      multi_json (~> 1.0)
    args_parser (0.1.6)
    bson (1.9.0)
    bson_ext (1.9.0)
      bson (~> 1.9.0)
    builder (3.0.4)
    diff-lcs (1.2.4)
    event_emitter (0.2.5)
    gyazz (0.0.9)
    i18n (0.6.1)
    mongo (1.9.0)
      bson (~> 1.9.0)
    mongoid (2.7.1)
      activemodel (~> 3.1)
      mongo (~> 1.8)
      tzinfo (~> 0.3.22)
    multi_json (1.7.7)
    ruby-dbus (0.9.2)
    skype (0.2.3)
      tmp_cache
    tmp_cache (0.1.1)
    tzinfo (0.3.37)

PLATFORMS
  ruby

DEPENDENCIES
  args_parser
  bson_ext (>= 1.6.0)
  diff-lcs
  event_emitter
  gyazz
  mongoid (>= 2.4.0, < 3.0.0)
  ruby-dbus
  skype
